GEM
  remote: https://rubygems.org/
  specs:
    ffi (1.9.0)
    listen (1.3.0)
      rb-fsevent (>= 0.9.3)
      rb-inotify (>= 0.9)
      rb-kqueue (>= 0.2)
    rb-fsevent (0.9.3)
    rb-inotify (0.9.1)
      ffi (>= 0.5.0)
    rb-kqueue (0.2.0)
      ffi (>= 0.5.0)
    terminal-notifier (1.5.1)

PLATFORMS
  ruby

DEPENDENCIES
  listen
  terminal-notifier
